GEM
  remote: https://rubygems.org/
  specs:
    addressable (2.7.0)
      public_suffix (>= 2.0.2, < 5.0)
    cookiejar (0.3.3)
    daemons (1.1.9)
    em-http-request (1.1.6)
      addressable (>= 2.3.4)
      cookiejar (!= 0.3.1)
      em-socksify (>= 0.3)
      eventmachine (>= 1.0.3)
      http_parser.rb (>= 0.6.0)
    em-socksify (0.3.2)
      eventmachine (>= 1.0.0.beta.4)
    eventmachine (1.2.7)
    eventmachine (1.2.7-x86-mingw32)
    faye (1.4.0)
      cookiejar (>= 0.3.0)
      em-http-request (>= 1.1.6)
      eventmachine (>= 0.12.0)
      faye-websocket (>= 0.11.0)
      multi_json (>= 1.0.0)
      rack (>= 1.0.0)
      websocket-driver (>= 0.5.1)
    faye-websocket (0.11.0)
      eventmachine (>= 0.12.0)
      websocket-driver (>= 0.5.1)
    haml (4.0.5)
      tilt
    http_parser.rb (0.6.0)
    multi_json (1.15.0)
    public_suffix (4.0.5)
    rack (1.6.13)
    rack-protection (1.5.3)
      rack
    sass (3.3.8)
    sinatra (1.4.5)
      rack (~> 1.4)
      rack-protection (~> 1.4)
      tilt (~> 1.3, >= 1.3.4)
    thin (1.6.2)
      daemons (>= 1.0.9)
      eventmachine (>= 1.0.0)
      rack (>= 1.0.0)
    tilt (1.4.1)
    websocket-driver (0.7.3)
      websocket-extensions (>= 0.1.0)
    websocket-extensions (0.1.5)

PLATFORMS
  ruby
  x86-mingw32

DEPENDENCIES
  faye
  haml
  sass
  sinatra
  thin
